GEM
  remote: https://rubygems.org/
  specs:
    ansi (1.4.3)
    builder (3.2.2)
    minitest (5.3.5)
    minitest-reporters (1.0.4)
      ansi
      builder
      minitest (>= 5.0)
      ruby-progressbar
    ruby-progressbar (1.5.1)

PLATFORMS
  ruby

DEPENDENCIES
  minitest-reporters
